GEM
  specs:
    concurrent-ruby (1.1.6)
    gene_pool (1.5.0)
      concurrent-ruby (>= 1.0)
    http-exceptions (0.1.2)
    httparty (0.18.1)
      mime-types (~> 3.0)
      multi_xml (>= 0.5.2)
    mime-types (3.3.1)
      mime-types-data (~> 3.2015)
    mime-types-data (3.2020.0512)
    multi_xml (0.6.0)
    oanda_api_v20 (2.1.1)
      http-exceptions (~> 0.1)
      httparty (~> 0.13)
      persistent_httparty (~> 0.1)
    persistent_http (1.0.6)
      gene_pool (>= 1.3)
    persistent_httparty (0.1.2)
      httparty (~> 0.9)
      persistent_http (< 2)

PLATFORMS
  ruby

DEPENDENCIES
  oanda_api_v20

BUNDLED WITH
   1.17.3
